GEM
  remote: http://rubygems.org/
  specs:
    activesupport (7.2.0)
      base64
      bigdecimal
      concurrent-ruby (~> 1.0, >= 1.3.1)
      connection_pool (>= 2.2.5)
      drb
      i18n (>= 1.6, < 2)
      logger (>= 1.4.2)
      minitest (>= 5.1)
      securerandom (>= 0.3)
      tzinfo (~> 2.0, >= 2.0.5)
    addressable (2.8.7)
      public_suffix (>= 2.0.2, < 7.0)
    ansi (1.5.0)
    ast (2.4.2)
    backtrace (0.4.0)
    base64 (0.2.0)
    baza.rb (0.0.7)
      backtrace (> 0)
      faraday (> 0)
      faraday-http-cache (> 0)
      faraday-multipart (> 0)
      faraday-retry (> 0)
      iri (> 0)
      loog (> 0)
      retries (~> 0)
      tago (~> 0)
      typhoeus (~> 1.3)
    bigdecimal (3.1.8)
    builder (3.3.0)
    concurrent-ruby (1.3.4)
    connection_pool (2.4.1)
    crack (1.0.0)
      bigdecimal
      rexml
    decoor (0.0.1)
    docile (1.4.1)
    drb (2.2.1)
    elapsed (0.0.1)
      loog (> 0)
      tago (> 0)
    ethon (0.16.0)
      ffi (>= 1.15.0)
    factbase (0.4.0)
      backtrace (> 0)
      decoor (> 0)
      json (~> 2.7)
      loog (> 0)
      nokogiri (~> 1.10)
      others (> 0)
      tago (> 0)
      yaml (~> 0.3)
    faraday (2.10.1)
      faraday-net_http (>= 2.0, < 3.2)
      logger
    faraday-http-cache (2.5.1)
      faraday (>= 0.8)
    faraday-multipart (1.0.4)
      multipart-post (~> 2)
    faraday-net_http (3.1.1)
      net-http
    faraday-retry (2.2.1)
      faraday (~> 2.0)
    fbe (0.0.57)
      backtrace (> 0)
      decoor (> 0)
      factbase (> 0)
      faraday (> 0)
      faraday-http-cache (> 0)
      faraday-multipart (> 0)
      faraday-retry (> 0)
      graphql-client (> 0)
      judges (> 0)
      liquid (= 5.5.1)
      loog (> 0)
      obk (> 0)
      octokit (> 0)
      others (> 0)
      verbose (> 0)
    ffi (1.17.0-aarch64-linux-gnu)
    ffi (1.17.0-aarch64-linux-musl)
    ffi (1.17.0-arm-linux-gnu)
    ffi (1.17.0-arm-linux-musl)
    ffi (1.17.0-arm64-darwin)
    ffi (1.17.0-x86-linux-gnu)
    ffi (1.17.0-x86-linux-musl)
    ffi (1.17.0-x86_64-darwin)
    ffi (1.17.0-x86_64-linux-gnu)
    ffi (1.17.0-x86_64-linux-musl)
    fiber-storage (1.0.0)
    gli (2.21.5)
    graphql (2.3.14)
      base64
      fiber-storage
    graphql-client (0.23.0)
      activesupport (>= 3.0)
      graphql (>= 1.13.0)
    hashdiff (1.1.1)
    i18n (1.14.5)
      concurrent-ruby (~> 1.0)
    iri (0.8.0)
    json (2.7.2)
    judges (0.26.0)
      backtrace (> 0)
      baza.rb (> 0)
      concurrent-ruby (~> 1.2)
      elapsed (> 0)
      factbase (> 0)
      gli (~> 2.21)
      iri (> 0)
      loog (> 0)
      moments (~> 0.3)
      nokogiri (~> 1.10)
      others (> 0)
      retries (> 0)
      tago (> 0)
      typhoeus (~> 1.3)
    language_server-protocol (3.17.0.3)
    liquid (5.5.1)
    logger (1.6.0)
    loog (0.6.0)
    minitest (5.25.1)
    minitest-reporters (1.7.1)
      ansi
      builder
      minitest (>= 5.0)
      ruby-progressbar
    moments (0.3.0)
    multipart-post (2.4.1)
    net-http (0.4.1)
      uri
    nokogiri (1.16.7-aarch64-linux)
      racc (~> 1.4)
    nokogiri (1.16.7-arm-linux)
      racc (~> 1.4)
    nokogiri (1.16.7-arm64-darwin)
      racc (~> 1.4)
    nokogiri (1.16.7-x86-linux)
      racc (~> 1.4)
    nokogiri (1.16.7-x86_64-darwin)
      racc (~> 1.4)
    nokogiri (1.16.7-x86_64-linux)
      racc (~> 1.4)
    obk (0.3.1)
    octokit (9.1.0)
      faraday (>= 1, < 3)
      sawyer (~> 0.9)
    others (0.0.3)
    parallel (1.26.3)
    parser (3.3.4.2)
      ast (~> 2.4.1)
      racc
    public_suffix (6.0.1)
    racc (1.8.1)
    rainbow (3.1.1)
    rake (13.2.1)
    redcarpet (3.6.0)
    regexp_parser (2.9.2)
    retries (0.0.5)
    rexml (3.3.5)
      strscan
    rubocop (1.65.1)
      json (~> 2.3)
      language_server-protocol (>= 3.17.0)
      parallel (~> 1.10)
      parser (>= 3.3.0.2)
      rainbow (>= 2.2.2, < 4.0)
      regexp_parser (>= 2.4, < 3.0)
      rexml (>= 3.2.5, < 4.0)
      rubocop-ast (>= 1.31.1, < 2.0)
      ruby-progressbar (~> 1.7)
      unicode-display_width (>= 2.4.0, < 3.0)
    rubocop-ast (1.32.0)
      parser (>= 3.3.1.0)
    ruby-progressbar (1.13.0)
    sawyer (0.9.2)
      addressable (>= 2.3.5)
      faraday (>= 0.17.3, < 3)
    securerandom (0.3.1)
    simplecov (0.22.0)
      docile (~> 1.1)
      simplecov-html (~> 0.11)
      simplecov_json_formatter (~> 0.1)
    simplecov-cobertura (2.1.0)
      rexml
      simplecov (~> 0.19)
    simplecov-html (0.12.3)
    simplecov_json_formatter (0.1.4)
    strscan (3.1.0)
    tago (0.0.2)
    typhoeus (1.4.1)
      ethon (>= 0.9.0)
    tzinfo (2.0.6)
      concurrent-ruby (~> 1.0)
    unicode-display_width (2.5.0)
    uri (0.13.0)
    verbose (0.0.2)
      loog (~> 0.2)
      tago (~> 0.0)
    w3c_validators (1.3.7)
      json (>= 1.8)
      nokogiri (~> 1.6)
      rexml (~> 3.2)
    webmock (3.23.1)
      addressable (>= 2.8.0)
      crack (>= 0.3.2)
      hashdiff (>= 0.4.0, < 2.0.0)
    yaml (0.3.0)

PLATFORMS
  aarch64-linux
  aarch64-linux-gnu
  aarch64-linux-musl
  arm-linux
  arm-linux-gnu
  arm-linux-musl
  arm64-darwin
  x86-linux
  x86-linux-gnu
  x86-linux-musl
  x86_64-darwin
  x86_64-linux
  x86_64-linux-gnu
  x86_64-linux-musl

DEPENDENCIES
  fbe (> 0)
  judges (> 0)
  minitest (= 5.25.1)
  minitest-reporters (= 1.7.1)
  rake (= 13.2.1)
  redcarpet (~> 3.5)
  rubocop (= 1.65.1)
  simplecov (= 0.22.0)
  simplecov-cobertura (= 2.1.0)
  w3c_validators (= 1.3.7)
  webmock (= 3.23.1)

BUNDLED WITH
   2.5.16
